GEM
  remote: https://rubygems.org/
  specs:
    rake (10.4.0)
    ruby_motion_query (0.9.0)

PLATFORMS
  ruby

DEPENDENCIES
  rake
  ruby_motion_query
