GIT
  remote: git://github.com/clayallsopp/Formotion.git
  revision: 1a411de24d58591a5ac64c17b78d305dc85a98c5
  specs:
    formotion (1.8)
      bubble-wrap (>= 1.4.0)
      motion-require (>= 0.1.0)

GIT
  remote: git://github.com/squidpunch/Sim-Launcher.git
  revision: 9ffd5c4d8224d6a5697eb0854dee7050ad7e47b0
  branch: xcode-6
  specs:
    sim_launcher (0.4.11)
      sinatra

GIT
  remote: git://github.com/terriblelabs/motion-resource.git
  revision: a552fd163da3a1abddc580ee7ec9d6098e354bed
  specs:
    motion-resource (0.1.4)
      bubble-wrap
      motion-support (>= 0.2.3)

GEM
  remote: https://rubygems.org/
  specs:
    ProMotion (2.2.0)
      methadone (~> 1.7)
    activesupport (3.2.21)
      i18n (~> 0.6, >= 0.6.4)
      multi_json (~> 1.0)
    bubble-wrap (1.7.1)
      bubble-wrap-http (= 1.7.1)
    bubble-wrap-http (1.7.1)
    builder (3.2.2)
    cdq (0.1.11)
      motion-yaml
      ruby-xcdm (~> 0.0, >= 0.0.8)
    claide (0.7.0)
    cocoapods (0.35.0)
      activesupport (>= 3.2.15)
      claide (~> 0.7.0)
      cocoapods-core (= 0.35.0)
      cocoapods-downloader (~> 0.8.0)
      cocoapods-plugins (~> 0.3.1)
      cocoapods-trunk (~> 0.4.1)
      cocoapods-try (~> 0.4.2)
      colored (~> 1.2)
      escape (~> 0.0.4)
      molinillo (~> 0.1.2)
      nap (~> 0.8)
      open4 (~> 1.3)
      xcodeproj (~> 0.20.2)
    cocoapods-core (0.35.0)
      activesupport (>= 3.2.15)
      fuzzy_match (~> 2.0.4)
      nap (~> 0.8.0)
    cocoapods-downloader (0.8.0)
    cocoapods-plugins (0.3.2)
      nap
    cocoapods-trunk (0.4.1)
      nap (>= 0.8)
      netrc (= 0.7.8)
    cocoapods-try (0.4.2)
    colored (1.2)
    cucumber (1.3.17)
      builder (>= 2.1.2)
      diff-lcs (>= 1.1.3)
      gherkin (~> 2.12)
      multi_json (>= 1.7.5, < 2.0)
      multi_test (>= 0.1.1)
    diff-lcs (1.2.5)
    dnssd (2.0)
    escape (0.0.4)
    frank-cucumber (1.2.2)
      cucumber
      dnssd
      i18n
      json
      plist
      rspec (>= 2.0)
      sim_launcher (>= 0.4.6)
      thor
      xcodeproj (>= 0.5.3)
    fuzzy_match (2.0.4)
    gherkin (2.12.2)
      multi_json (~> 1.3)
    haml (4.0.6)
      tilt
    i18n (0.6.11)
    json (1.8.1)
    methadone (1.8.0)
      bundler
    molinillo (0.1.2)
    motion-cocoapods (1.7.0)
      cocoapods (>= 0.34)
    motion-config-vars (0.1.0)
      motion-yaml (>= 1.0)
      rake-hooks (~> 1.2.3)
    motion-frank (1.2.2.0)
      frank-cucumber (= 1.2.2)
    motion-i18n (0.0.2)
      i18n
      motion-require
    motion-juxtapose (0.2.0)
      haml
      sinatra (~> 1.4)
    motion-pusher (0.0.5)
      motion-cocoapods (~> 1.6, >= 1.6.0)
    motion-redgreen (0.1.0)
    motion-require (0.2.0)
    motion-stump (0.3.2)
    motion-support (0.2.6)
      motion-require (>= 0.0.6)
    motion-testflight (1.5.2)
    motion-yaml (1.3)
    motion_print (0.0.4)
    multi_json (1.10.1)
    multi_test (0.1.1)
    nap (0.8.0)
    netrc (0.7.8)
    open4 (1.3.4)
    plist (3.1.0)
    rack (1.5.2)
    rack-protection (1.5.3)
      rack
    rake (10.4.2)
    rake-hooks (1.2.3)
      rake
    redpotion (0.4.7)
      ProMotion (~> 2.2)
      motion-cocoapods
      motion_print
      ruby_motion_query (~> 0.9)
    rspec (3.1.0)
      rspec-core (~> 3.1.0)
      rspec-expectations (~> 3.1.0)
      rspec-mocks (~> 3.1.0)
    rspec-core (3.1.7)
      rspec-support (~> 3.1.0)
    rspec-expectations (3.1.2)
      diff-lcs (>= 1.2.0, < 2.0)
      rspec-support (~> 3.1.0)
    rspec-mocks (3.1.3)
      rspec-support (~> 3.1.0)
    rspec-support (3.1.2)
    ruby-xcdm (0.0.8)
      activesupport (~> 3.2)
      builder (~> 3.2)
      plist (~> 3.1)
    ruby_motion_query (0.9.0)
    sinatra (1.4.5)
      rack (~> 1.4)
      rack-protection (~> 1.4)
      tilt (~> 1.3, >= 1.3.4)
    thor (0.19.1)
    tilt (1.4.1)
    xcodeproj (0.20.2)
      activesupport (>= 3)
      colored (~> 1.2)

PLATFORMS
  ruby

DEPENDENCIES
  bubble-wrap
  bubble-wrap-http
  cdq
  formotion!
  motion-cocoapods
  motion-config-vars
  motion-frank
  motion-i18n
  motion-juxtapose
  motion-pusher
  motion-redgreen
  motion-resource!
  motion-stump
  motion-support
  motion-testflight
  rake
  redpotion
  ruby-xcdm
  sim_launcher!
